GEM
  remote: https://rubygems.org/
  specs:
    ffi (1.9.10-x86-mingw32)
    jekyll-sitemap (0.9.0)
    jekyll-watch (1.3.0)
      listen (~> 3.0)
    json (1.8.3)
    listen (3.0.3)
      rb-fsevent (>= 0.9.3)
      rb-inotify (>= 0.9)
    rb-fsevent (0.9.6)
    rb-inotify (0.9.5)
      ffi (>= 0.5.0)
    wdm (0.1.1)

PLATFORMS
  x64-mingw32
  x86-mingw32

DEPENDENCIES
  jekyll-sitemap
  jekyll-watch
  json
  wdm (>= 0.1.0)

BUNDLED WITH
   1.10.6
