GEM
  remote: https://rubygems.org/
  specs:
    jekyll-sitemap (0.9.0)
    wdm (0.1.1)

PLATFORMS
  x64-mingw32
  x86-mingw32

DEPENDENCIES
  jekyll-sitemap
  wdm (>= 0.1.0)

BUNDLED WITH
   1.10.6
